GEM
  remote: https://rubygems.org/
  specs:
    aws-eventstream (1.2.0)
    aws-partitions (1.582.0)
    aws-sdk-core (3.130.2)
      aws-eventstream (~> 1, >= 1.0.2)
      aws-partitions (~> 1, >= 1.525.0)
      aws-sigv4 (~> 1.1)
      jmespath (~> 1.0)
    aws-sdk-ssm (1.136.0)
      aws-sdk-core (~> 3, >= 3.127.0)
      aws-sigv4 (~> 1.1)
    aws-sigv4 (1.5.0)
      aws-eventstream (~> 1, >= 1.0.2)
    cfn-model (0.4.0)
      kwalify (= 0.7.2)
      psych (~> 3)
    cfn-nag (0.4.35)
      cfn-model (= 0.4.0)
      colorize (= 0.8.1)
      jmespath (~> 1.3.1)
      logging (~> 2.2.2)
      netaddr (~> 1.5.1)
      trollop (~> 2.1.2)
    colorize (0.8.1)
    diff-lcs (1.5.0)
    ffi (1.11.1)
    jmespath (1.3.1)
    kwalify (0.7.2)
    little-plugger (1.1.4)
    logging (2.2.2)
      little-plugger (~> 1.1)
      multi_json (~> 1.10)
    multi_json (1.13.1)
    mustermann (1.1.1)
      ruby2_keywords (~> 0.0.1)
    netaddr (1.5.1)
    psych (3.1.0)
    rack (2.2.3)
    rack-protection (2.2.0)
      rack
    rbnacl (7.0.0)
      ffi
    rspec (3.11.0)
      rspec-core (~> 3.11.0)
      rspec-expectations (~> 3.11.0)
      rspec-mocks (~> 3.11.0)
    rspec-core (3.11.0)
      rspec-support (~> 3.11.0)
    rspec-expectations (3.11.0)
      diff-lcs (>= 1.2.0, < 2.0)
      rspec-support (~> 3.11.0)
    rspec-mocks (3.11.1)
      diff-lcs (>= 1.2.0, < 2.0)
      rspec-support (~> 3.11.0)
    rspec-support (3.11.0)
    ruby2_keywords (0.0.5)
    sinatra (2.2.0)
      mustermann (~> 1.0)
      rack (~> 2.2)
      rack-protection (= 2.2.0)
      tilt (~> 2.0)
    tilt (2.0.10)
    trollop (2.1.3)

PLATFORMS
  ruby

DEPENDENCIES
  aws-sdk-ssm
  cfn-nag
  rbnacl
  rspec
  sinatra

BUNDLED WITH
   2.0.2
